{
    "Modality": "MR",
    "MagneticFieldStrength": 3,
    "ImagingFrequency": 123.22,
    "Manufacturer": "Siemens",
    "ManufacturersModelName": "Skyra",
    "InstitutionName": "KFU",
    "InstitutionalDepartmentName": "Department",
    "InstitutionAddress": "Kopernikusstr. 26,Graz,Graz,AT,8010",
    "DeviceSerialNumber": "45250",
    "StationName": "FBMTMR1",
    "BodyPartExamined": "BRAIN",
    "PatientPosition": "HFS",
    "ProcedureStepDescription": "KFU^AllgemeinePsy",
    "SoftwareVersions": "syngo MR D13",
    "MRAcquisitionType": "2D",
    "SeriesDescription": "MB4_2_5mm_20K_TR1250_4",
    "ProtocolName": "MB4_2_5mm_20K_TR1250_4",
    "ScanningSequence": "EP",
    "SequenceVariant": "SK\\SS",
    "ScanOptions": "FS",
    "SequenceName": "epfid2d1_96",
    "ImageType": [
        "ORIGINAL",
        "PRIMARY",
        "M",
        "MB",
        "ND",
        "NORM",
        "MOSAIC"
    ],
    "SeriesNumber": 11,
    "AcquisitionTime": "11:42:29.590000",
    "AcquisitionNumber": 1,
    "ImageComments": "Unaliased MB4/PE3",
    "SliceThickness": 2.5,
    "SpacingBetweenSlices": 2.75,
    "SAR": 0.0703587,
    "EchoTime": 0.04,
    "RepetitionTime": 1.25,
    "FlipAngle": 60,
    "PartialFourier": 1,
    "BaseResolution": 96,
    "ShimSetting": [
        -1648,
        -3682,
        -4512,
        241,
        557,
        -139,
        80,
        -569
    ],
    "TxRefAmp": 375.704,
    "PhaseResolution": 1,
    "ReceiveCoilName": "HeadNeck_20",
    "ReceiveCoilActiveElements": "HE1-4",
    "PulseSequenceDetails": "%CustomerSeq%\\cmrr_mbep2d_bold",
    "WipMemBlock": "07133690-1ace-42f2-9977-3c2d78531c0c||Sequence: vd13a/master r/c0cb646; Dec 14 2015 19:21:42 by eja",
    "ConsistencyInfo": "N4_VD13A_LATEST_20120616",
    "MultibandAccelerationFactor": 4,
    "PercentPhaseFOV": 100,
    "PercentSampling": 100,
    "EchoTrainLength": 96,
    "PhaseEncodingSteps": 96,
    "AcquisitionMatrixPE": 96,
    "ReconMatrixPE": 96,
    "BandwidthPerPixelPhaseEncode": 15.783,
    "EffectiveEchoSpacing": 0.000659993,
    "DerivedVendorReportedEchoSpacing": 0.000659993,
    "TotalReadoutTime": 0.0626993,
    "PixelBandwidth": 2480,
    "DwellTime": 2.1e-06,
    "PhaseEncodingDirection": "j-",
    "SliceTiming": [
        0,
        0.6625,
        0.095,
        0.7575,
        0.19,
        0.8525,
        0.285,
        0.945,
        0.3775,
        1.04,
        0.4725,
        1.135,
        0.5675,
        0,
        0.6625,
        0.095,
        0.7575,
        0.19,
        0.8525,
        0.285,
        0.945,
        0.3775,
        1.04,
        0.4725,
        1.135,
        0.5675,
        0,
        0.6625,
        0.095,
        0.7575,
        0.19,
        0.8525,
        0.285,
        0.945,
        0.3775,
        1.04,
        0.4725,
        1.135,
        0.5675,
        0,
        0.6625,
        0.095,
        0.7575,
        0.19,
        0.8525,
        0.285,
        0.945,
        0.3775,
        1.04,
        0.4725,
        1.135,
        0.5675
    ],
    "ImageOrientationPatientDICOM": [
        0.998674,
        -0.015033,
        0.0492273,
        0.0162115,
        0.999589,
        -0.0236274
    ],
    "InPlanePhaseEncodingDirectionDICOM": "COL",
    "ConversionSoftware": "dcm2niix",
    "ConversionSoftwareVersion": "v1.0.20201102",
    "TaskName": "multar"
}